GEM
  remote: https://rubygems.org/
  specs:
    ruby-progressbar (1.10.1)
    slop (4.8.2)
    terminal-table (1.8.0)
      unicode-display_width (~> 1.1, >= 1.1.1)
    unicode-display_width (1.7.0)

PLATFORMS
  ruby

DEPENDENCIES
  ruby-progressbar
  slop
  terminal-table

BUNDLED WITH
   1.17.3
